GEM
  remote: https://rubygems.org/
  specs:
    sinatra

PLATFORMS
  ruby
  x64-mingw32

DEPENDENCIES
  sinatra

BUNDLED WITH
   2.0.1
