GEM
  remote: https://rubygems.org/
  specs:
    puma (3.12.1)

PLATFORMS
  ruby
  x64-mingw32

DEPENDENCIES
  puma

BUNDLED WITH
   2.0.1
