GEM
  remote: https://rubygems.org/
  specs:
    rack (2.0.6)

PLATFORMS
  ruby
  x64-mingw32

DEPENDENCIES
  rack

BUNDLED WITH
   2.0.1
