GEM
  remote: https://rubygems.org/
  specs:
    rack (2.0.6)
    webrick (1.4.2)

PLATFORMS
  ruby
  x64-mingw32

DEPENDENCIES
  rack
  webrick

BUNDLED WITH
   2.0.1
